GEM
  remote: https://rubygems.org/
  specs:
    dotenv (2.7.6)
    io-wait (0.2.0)
    json (2.6.1)
    net-http (0.2.0)
      net-protocol
      uri
    net-protocol (0.1.2)
      io-wait
      timeout
    ruby-progressbar (1.11.0)
    timeout (0.2.0)
    uri (0.11.0)

PLATFORMS
  x86_64-linux

DEPENDENCIES
  dotenv
  json
  net-http
  ruby-progressbar (~> 1.8, >= 1.8.1)
  uri

BUNDLED WITH
   2.2.15
